PATH
  remote: .
  specs:
    ratis (2.5.1)
      httpclient
      savon

GEM
  remote: http://rubygems.org/
  specs:
    akami (1.2.0)
      gyoku (>= 0.4.0)
      nokogiri (>= 1.4.0)
    builder (3.0.0)
    diff-lcs (1.1.3)
    gyoku (0.4.6)
      builder (>= 2.1.2)
    httpclient (2.2.5)
    httpi (1.1.1)
      rack
    nokogiri (1.5.5)
    nori (1.1.3)
    rack (1.4.1)
    rspec (2.11.0)
      rspec-core (~> 2.11.0)
      rspec-expectations (~> 2.11.0)
      rspec-mocks (~> 2.11.0)
    rspec-core (2.11.0)
    rspec-expectations (2.11.1)
      diff-lcs (~> 1.1.3)
    rspec-mocks (2.11.1)
    savon (1.1.0)
      akami (~> 1.2.0)
      builder (>= 2.1.2)
      gyoku (~> 0.4.5)
      httpi (~> 1.1.0)
      nokogiri (>= 1.4.0)
      nori (~> 1.1.0)
      wasabi (~> 2.5.0)
    wasabi (2.5.0)
      httpi (~> 1.0)
      nokogiri (>= 1.4.0)

PLATFORMS
  ruby

DEPENDENCIES
  ratis!
  rspec
